GEM
  remote: https://rubygems.org/
  specs:
    dotenv (2.8.1)
    intercom (4.2.1)
    slim (5.1.1)
      temple (~> 0.10.0)
      tilt (>= 2.1.0)
    temple (0.10.2)
    tilt (2.2.0)

PLATFORMS
  x86_64-darwin-22

DEPENDENCIES
  dotenv
  intercom
  slim

BUNDLED WITH
   2.4.10
